GEM
  remote: http://rubygems.org/
  specs:
    RedCloth (4.2.7)
    bluecloth (2.1.0)
    hpricot (0.8.4)
    htmlentities (4.3.0)
    json (1.5.1)
    mustache (0.99.3)
    nokogiri (1.4.4)
    rack (1.2.2)
    rack-bug (0.3.0)
      rack (>= 1.0)
    rack-esi (0.1.2)
      nokogiri
    rack-rewrite (1.0.2)
    sinatra (1.2.2)
      rack (~> 1.1)
      tilt (>= 1.2.2, < 2.0)
    tilt (1.2.2)
    unicode (0.4.0)

PLATFORMS
  ruby

DEPENDENCIES
  RedCloth
  bluecloth
  hpricot
  htmlentities
  json
  mustache
  rack-bug
  rack-esi
  rack-rewrite
  sinatra
  unicode
