GEM
  remote: https://rubygems.org/
  specs:
    RedCloth (4.2.7)
    addressable (2.2.6)
    backports (2.3.0)
    bluecloth (2.1.0)
    heroku (2.6.1)
      launchy (>= 0.3.2)
      rest-client (~> 1.6.1)
      rubyzip
      term-ansicolor (~> 1.0.5)
    hpricot (0.8.4)
    htmlentities (4.3.0)
    httpclient (2.2.1)
    json (1.5.1)
    launchy (2.0.5)
      addressable (~> 2.2.6)
    mime-types (1.16)
    monkey-lib (0.5.4)
      backports
    mustache (0.99.3)
    rack (1.2.2)
    rack-bug (0.3.0)
      rack (>= 1.0)
    rack-rewrite (1.0.2)
    rest-client (1.6.7)
      mime-types (>= 1.16)
    rubyzip (0.9.4)
    sinatra (1.2.2)
      rack (~> 1.1)
      tilt (>= 1.2.2, < 2.0)
    sinatra-advanced-routes (0.5.1)
      monkey-lib (~> 0.5.0)
      sinatra (~> 1.0)
      sinatra-sugar (~> 0.5.0)
    sinatra-reloader (0.5.0)
      sinatra (~> 1.0)
      sinatra-advanced-routes (~> 0.5.0)
    sinatra-sugar (0.5.1)
      monkey-lib (~> 0.5.0)
      sinatra (~> 1.0)
    term-ansicolor (1.0.6)
    tilt (1.2.2)
    unicode (0.4.0)

PLATFORMS
  ruby

DEPENDENCIES
  RedCloth
  bluecloth
  heroku
  hpricot
  htmlentities
  httpclient
  json
  mustache
  rack-bug
  rack-rewrite
  sinatra
  sinatra-reloader
  unicode
